PATH
  remote: .
  specs:
    cycle2-rails (1.0.0)

GEM
  remote: https://rubygems.org/
  specs:
    rake (10.0.4)

PLATFORMS
  ruby

DEPENDENCIES
  cycle2-rails!
  rake
